GIT
  remote: https://github.com/sebglazebrook/sdk-core-ruby.git
  revision: 8ef558050a6506a783615a07c93f7ee57eba6927
  specs:
    paypal-sdk-core (0.2.5)
      multi_json (~> 1.0)
      xml-simple

GEM
  remote: https://rubygems.org/
  specs:
    diff-lcs (1.2.4)
    multi_json (1.7.7)
    rake (10.1.0)
    rspec (2.14.1)
      rspec-core (~> 2.14.0)
      rspec-expectations (~> 2.14.0)
      rspec-mocks (~> 2.14.0)
    rspec-core (2.14.3)
    rspec-expectations (2.14.0)
      diff-lcs (>= 1.1.3, < 2.0)
    rspec-mocks (2.14.1)
    simplecov (0.7.1)
      multi_json (~> 1.0)
      simplecov-html (~> 0.7.1)
    simplecov-html (0.7.1)
    xml-simple (1.1.2)

PLATFORMS
  ruby

DEPENDENCIES
  paypal-sdk-core!
  rake
  rspec
  simplecov
